GEM
  remote: https://rubygems.org/
  specs:
    addressable (2.8.5)
      public_suffix (>= 2.0.2, < 6.0)
    down (5.4.1)
      addressable (~> 2.8)
    public_suffix (5.0.3)
    rake (13.0.6)

PLATFORMS
  x86_64-linux

DEPENDENCIES
  down (~> 5.4.1)
  rake

RUBY VERSION
   ruby 3.2.2p53

BUNDLED WITH
   2.4.18
